GEM
  remote: https://rubygems.org/
  specs:
    connection_pool (2.4.1)
    dalli (3.2.5)
    debug (1.8.0)
      irb (>= 1.5.0)
      reline (>= 0.3.1)
    foreman (0.87.2)
    io-console (0.6.0)
    irb (1.9.0)
      rdoc
      reline (>= 0.3.8)
    kgio (2.11.4)
    multi_json (1.15.0)
    mustermann (3.0.0)
      ruby2_keywords (~> 0.0.1)
    mysql2 (0.5.5)
    psych (5.1.1.1)
      stringio
    rack (2.2.8)
    rack-flash3 (1.0.5)
      rack
    rack-protection (3.1.0)
      rack (~> 2.2, >= 2.2.4)
    raindrops (0.20.1)
    rdoc (6.6.0)
      psych (>= 4.0.0)
    reline (0.4.0)
      io-console (~> 0.5)
    ruby2_keywords (0.0.5)
    sinatra (3.1.0)
      mustermann (~> 3.0)
      rack (~> 2.2, >= 2.2.4)
      rack-protection (= 3.1.0)
      tilt (~> 2.0)
    sinatra-contrib (3.1.0)
      multi_json
      mustermann (~> 3.0)
      rack-protection (= 3.1.0)
      sinatra (= 3.1.0)
      tilt (~> 2.0)
    stringio (3.0.9)
    tilt (2.2.0)
    unicorn (6.1.0)
      kgio (~> 2.6)
      raindrops (~> 0.7)

PLATFORMS
  aarch64-linux
  x86_64-linux

DEPENDENCIES
  connection_pool
  dalli
  debug
  foreman
  mysql2
  rack
  rack-flash3
  sinatra
  sinatra-contrib
  unicorn

BUNDLED WITH
   2.3.26
